PATH
  remote: .
  specs:
    galaxy-client (0.0.1)
      activeresource

GEM
  remote: http://rubygems.org/
  specs:
    activemodel (3.1.1)
      activesupport (= 3.1.1)
      builder (~> 3.0.0)
      i18n (~> 0.6)
    activeresource (3.1.1)
      activemodel (= 3.1.1)
      activesupport (= 3.1.1)
    activesupport (3.1.1)
      multi_json (~> 1.0)
    addressable (2.2.6)
    builder (3.0.0)
    crack (0.3.1)
    diff-lcs (1.1.3)
    i18n (0.6.0)
    json (1.6.1)
    multi_json (1.0.3)
    rake (0.9.2.2)
    rdiscount (1.6.8)
    rdoc (3.11)
      json (~> 1.4)
    rspec (2.11.0)
      rspec-core (~> 2.11.0)
      rspec-expectations (~> 2.11.0)
      rspec-mocks (~> 2.11.0)
    rspec-core (2.11.1)
    rspec-expectations (2.11.3)
      diff-lcs (~> 1.1.3)
    rspec-mocks (2.11.3)
    webmock (1.7.6)
      addressable (~> 2.2, > 2.2.5)
      crack (>= 0.1.7)
    yajl-ruby (1.0.0)
    yard (0.7.3)

PLATFORMS
  ruby

DEPENDENCIES
  galaxy-client!
  rake
  rdiscount
  rdoc
  rspec
  webmock
  yajl-ruby
  yard
